PATH
  remote: .
  specs:
    ontologies_api_client (2.2.0)
      activesupport (~> 7.0.4)
      excon
      faraday
      faraday-excon (~> 2.0.0)
      faraday-multipart
      lz4-ruby
      multi_json
      oj
      parallel
      request_store
      spawnling (= 2.1.5)

GEM
  remote: https://rubygems.org/
  specs:
    activesupport (7.0.8.1)
      concurrent-ruby (~> 1.0, >= 1.0.2)
      i18n (>= 1.6, < 2)
      minitest (>= 5.1)
      tzinfo (~> 2.0)
    addressable (2.8.6)
      public_suffix (>= 2.0.2, < 6.0)
    bigdecimal (3.1.7)
    coderay (1.1.3)
    concurrent-ruby (1.2.3)
    crack (1.0.0)
      bigdecimal
      rexml
    excon (0.110.0)
    faraday (2.0.1)
      faraday-net_http (~> 2.0)
      ruby2_keywords (>= 0.0.4)
    faraday-excon (2.0.0)
      excon (>= 0.27.4)
      faraday (~> 2.0.0.alpha.pre.2)
    faraday-multipart (1.0.4)
      multipart-post (~> 2)
    faraday-net_http (2.1.0)
    hashdiff (1.1.0)
    i18n (1.14.4)
      concurrent-ruby (~> 1.0)
    lz4-ruby (0.3.3)
    method_source (1.1.0)
    minitest (5.22.3)
    multi_json (1.15.0)
    multipart-post (2.4.0)
    oj (3.16.3)
      bigdecimal (>= 3.0)
    parallel (1.24.0)
    power_assert (2.0.3)
    pry (0.14.2)
      coderay (~> 1.1)
      method_source (~> 1.0)
    public_suffix (5.0.5)
    rack (3.0.10)
    rake (13.2.1)
    request_store (1.7.0)
      rack (>= 1.4)
    rexml (3.2.6)
    ruby2_keywords (0.0.5)
    spawnling (2.1.5)
    test-unit (3.6.2)
      power_assert
    tzinfo (2.0.6)
      concurrent-ruby (~> 1.0)
    webmock (3.23.0)
      addressable (>= 2.8.0)
      crack (>= 0.3.2)
      hashdiff (>= 0.4.0, < 2.0.0)

PLATFORMS
  ruby
  x86_64-darwin-21
  x86_64-darwin-23
  x86_64-linux

DEPENDENCIES
  ontologies_api_client!
  pry
  rake
  test-unit
  webmock

BUNDLED WITH
   2.4.21
